GIT
  remote: https://github.com/BCS-io/capistrano-unicorn-nginx.git
  revision: 81270292a92d084d5943e0525acc3c73a25e1240
  specs:
    capistrano-unicorn-nginx (3.3.0)
      capistrano (>= 3.1)
      sshkit (>= 1.2.0)

GEM
  remote: https://rubygems.org/
  specs:
    actionmailer (4.2.11)
      actionpack (= 4.2.11)
      actionview (= 4.2.11)
      activejob (= 4.2.11)
      mail (~> 2.5, >= 2.5.4)
      rails-dom-testing (~> 1.0, >= 1.0.5)
    actionpack (4.2.11)
      actionview (= 4.2.11)
      activesupport (= 4.2.11)
      rack (~> 1.6)
      rack-test (~> 0.6.2)
      rails-dom-testing (~> 1.0, >= 1.0.5)
      rails-html-sanitizer (~> 1.0, >= 1.0.2)
    actionview (4.2.11)
      activesupport (= 4.2.11)
      builder (~> 3.1)
      erubis (~> 2.7.0)
      rails-dom-testing (~> 1.0, >= 1.0.5)
      rails-html-sanitizer (~> 1.0, >= 1.0.3)
    activejob (4.2.11)
      activesupport (= 4.2.11)
      globalid (>= 0.3.0)
    activemodel (4.2.11)
      activesupport (= 4.2.11)
      builder (~> 3.1)
    activerecord (4.2.11)
      activemodel (= 4.2.11)
      activesupport (= 4.2.11)
      arel (~> 6.0)
    activesupport (4.2.11)
      i18n (~> 0.7)
      minitest (~> 5.1)
      thread_safe (~> 0.3, >= 0.3.4)
      tzinfo (~> 1.1)
    addressable (2.5.2)
      public_suffix (>= 2.0.2, < 4.0)
    airbrussh (1.1.0)
      sshkit (>= 1.6.1, != 1.7.0)
    ansi (1.5.0)
    archive-zip (0.11.0)
      io-like (~> 0.3.0)
    arel (6.0.4)
    ast (2.4.0)
    autoprefixer-rails (9.4.4)
      execjs
    axiom-types (0.1.1)
      descendants_tracker (~> 0.0.4)
      ice_nine (~> 0.11.0)
      thread_safe (~> 0.3, >= 0.3.1)
    bcrypt (3.1.12)
    better_errors (2.5.0)
      coderay (>= 1.0.0)
      erubi (>= 1.0.0)
      rack (>= 0.9.0)
    binding_of_caller (0.8.0)
      debug_inspector (>= 0.0.1)
    brakeman (4.3.1)
    builder (3.2.3)
    bullet (5.9.0)
      activesupport (>= 3.0.0)
      uniform_notifier (~> 1.11)
    bundler-audit (0.5.0)
      bundler (~> 1.2)
      thor (~> 0.18)
    byebug (10.0.2)
    callsite (0.0.11)
    capistrano (3.5.0)
      airbrussh (>= 1.0.0)
      capistrano-harrow
      i18n
      rake (>= 10.0.0)
      sshkit (>= 1.9.0)
    capistrano-bundler (1.1.4)
      capistrano (~> 3.1)
      sshkit (~> 1.2)
    capistrano-db-tasks (0.3)
      capistrano (>= 3.0.0)
    capistrano-harrow (0.5.3)
    capistrano-postgresql (4.2.1)
      capistrano (>= 3.0)
    capistrano-rails (1.1.7)
      capistrano (~> 3.1)
      capistrano-bundler (~> 1.1)
    capistrano-rails-collection (0.0.3)
      capistrano-rails (~> 1.1.0)
    capistrano-rails-console (1.0.2)
      capistrano (>= 3.1.0, < 4.0.0)
    capistrano-secrets-yml (1.0.0)
      capistrano (>= 3.1)
      sshkit (>= 1.2.0)
    capybara (2.13.0)
      addressable
      mime-types (>= 1.16)
      nokogiri (>= 1.3.3)
      rack (>= 1.0.0)
      rack-test (>= 0.5.4)
      xpath (~> 2.0)
    capybara-screenshot (1.0.22)
      capybara (>= 1.0, < 4)
      launchy
    capybara-webkit (1.15.1)
      capybara (>= 2.3, < 4.0)
      json
    childprocess (0.9.0)
      ffi (~> 1.0, >= 1.0.11)
    chromedriver-helper (2.1.0)
      archive-zip (~> 0.10)
      nokogiri (~> 1.8)
    chronic (0.10.2)
    code_analyzer (0.4.5)
      sexp_processor
    codeclimate-engine-rb (0.4.1)
      virtus (~> 1.0)
    coderay (1.1.2)
    coercible (1.0.0)
      descendants_tracker (~> 0.0.1)
    coffee-rails (4.2.2)
      coffee-script (>= 2.2.0)
      railties (>= 4.0.0)
    coffee-script (2.4.1)
      coffee-script-source
      execjs
    coffee-script-source (1.12.2)
    colored (1.2)
    concurrent-ruby (1.1.4)
    coveralls (0.8.21)
      json (>= 1.8, < 3)
      simplecov (~> 0.14.1)
      term-ansicolor (~> 1.3)
      thor (~> 0.19.4)
      tins (~> 1.6)
    crass (1.0.4)
    database_cleaner (1.5.3)
    debug_inspector (0.0.3)
    descendants_tracker (0.0.4)
      thread_safe (~> 0.3, >= 0.3.1)
    diff-lcs (1.3)
    docile (1.1.5)
    elasticsearch (2.0.2)
      elasticsearch-api (= 2.0.2)
      elasticsearch-transport (= 2.0.2)
    elasticsearch-api (2.0.2)
      multi_json
    elasticsearch-extensions (0.0.30)
      ansi
      elasticsearch
    elasticsearch-model (0.1.9)
      activesupport (> 3)
      elasticsearch (> 0.4)
      hashie
    elasticsearch-rails (0.1.9)
    elasticsearch-transport (2.0.2)
      faraday
      multi_json
    equalizer (0.0.11)
    erubi (1.8.0)
    erubis (2.7.0)
    execjs (2.7.0)
    faraday (0.15.4)
      multipart-post (>= 1.2, < 3)
    ffi (1.9.25)
    flay (2.12.0)
      erubis (~> 2.7.0)
      path_expander (~> 1.0)
      ruby_parser (~> 3.0)
      sexp_processor (~> 4.0)
    flog (4.6.2)
      path_expander (~> 1.0)
      ruby_parser (~> 3.1, > 3.1.0)
      sexp_processor (~> 4.8)
    font-awesome-rails (4.7.0.4)
      railties (>= 3.2, < 6.0)
    globalid (0.4.1)
      activesupport (>= 4.2.0)
    hashie (3.6.0)
    hike (1.2.3)
    i18n (0.9.5)
      concurrent-ruby (~> 1.0)
    ice_nine (0.11.2)
    io-like (0.3.0)
    jbuilder (2.7.0)
      activesupport (>= 4.2.0)
      multi_json (>= 1.2)
    jquery-rails (4.0.5)
      rails-dom-testing (~> 1.0)
      railties (>= 4.2.0)
      thor (>= 0.14, < 2.0)
    jquery-ui-rails (4.1.2)
      railties (>= 3.1.0)
    json (1.8.6)
    kaminari (1.1.1)
      activesupport (>= 4.1.0)
      kaminari-actionview (= 1.1.1)
      kaminari-activerecord (= 1.1.1)
      kaminari-core (= 1.1.1)
    kaminari-actionview (1.1.1)
      actionview
      kaminari-core (= 1.1.1)
    kaminari-activerecord (1.1.1)
      activerecord
      kaminari-core (= 1.1.1)
    kaminari-core (1.1.1)
    kgio (2.9.3)
    launchy (2.4.3)
      addressable (~> 2.3)
    lograge (0.10.0)
      actionpack (>= 4)
      activesupport (>= 4)
      railties (>= 4)
      request_store (~> 1.0)
    loofah (2.2.3)
      crass (~> 1.0.2)
      nokogiri (>= 1.5.9)
    mail (2.7.1)
      mini_mime (>= 0.1.1)
    meta_request (0.6.0)
      callsite (~> 0.0, >= 0.0.11)
      rack-contrib (>= 1.1, < 3)
      railties (>= 3.0.0, < 6)
    method_source (0.9.2)
    mime-types (3.2.2)
      mime-types-data (~> 3.2015)
    mime-types-data (3.2018.0812)
    mini_mime (1.0.1)
    mini_portile2 (2.4.0)
    minitest (5.11.3)
    multi_json (1.13.1)
    multipart-post (2.0.0)
    net-scp (1.2.1)
      net-ssh (>= 2.6.5)
    net-ssh (3.2.0)
    nokogiri (1.9.1)
      mini_portile2 (~> 2.4.0)
    parser (2.5.3.0)
      ast (~> 2.4.0)
    path_expander (1.0.3)
    pg (0.20.0)
    pry (0.12.2)
      coderay (~> 1.1.0)
      method_source (~> 0.9.0)
    pry-rails (0.3.9)
      pry (>= 0.10.4)
    pry-stack_explorer (0.4.9.3)
      binding_of_caller (>= 0.7)
      pry (>= 0.9.11)
    public_suffix (3.0.3)
    rack (1.6.11)
    rack-contrib (1.8.0)
      rack (~> 1.4)
    rack-dev-mark (0.7.7)
      rack (>= 1.1, < 2.1)
    rack-mini-profiler (0.10.2)
      rack (>= 1.2.0)
    rack-test (0.6.3)
      rack (>= 1.0)
    rails (4.2.11)
      actionmailer (= 4.2.11)
      actionpack (= 4.2.11)
      actionview (= 4.2.11)
      activejob (= 4.2.11)
      activemodel (= 4.2.11)
      activerecord (= 4.2.11)
      activesupport (= 4.2.11)
      bundler (>= 1.3.0, < 2.0)
      railties (= 4.2.11)
      sprockets-rails
    rails-deprecated_sanitizer (1.0.3)
      activesupport (>= 4.2.0.alpha)
    rails-dom-testing (1.0.9)
      activesupport (>= 4.2.0, < 5.0)
      nokogiri (~> 1.6)
      rails-deprecated_sanitizer (>= 1.0.1)
    rails-env-favicon (0.0.5)
      railties (>= 3.1)
      tinycon-rails
    rails-html-sanitizer (1.0.4)
      loofah (~> 2.2, >= 2.2.2)
    rails_best_practices (1.15.7)
      activesupport
      code_analyzer (>= 0.4.3)
      colored
      erubis
      i18n
      json
      require_all
      ruby-progressbar
    railties (4.2.11)
      actionpack (= 4.2.11)
      activesupport (= 4.2.11)
      rake (>= 0.8.7)
      thor (>= 0.18.1, < 2.0)
    rainbow (3.0.0)
    raindrops (0.13.0)
    rake (10.1.0)
    rb-fsevent (0.10.3)
    rb-inotify (0.10.0)
      ffi (~> 1.0)
    rb-readline (0.5.2)
    rdoc (4.2.0)
      json (~> 1.4)
    reek (4.8.2)
      codeclimate-engine-rb (~> 0.4.0)
      parser (>= 2.5.0.0, < 2.6)
      rainbow (>= 2.0, < 4.0)
    request_store (1.4.1)
      rack (>= 1.4)
    require_all (1.3.2)
    rspec-core (3.8.0)
      rspec-support (~> 3.8.0)
    rspec-expectations (3.8.2)
      diff-lcs (>= 1.2.0, < 2.0)
      rspec-support (~> 3.8.0)
    rspec-mocks (3.8.0)
      diff-lcs (>= 1.2.0, < 2.0)
      rspec-support (~> 3.8.0)
    rspec-rails (3.8.1)
      actionpack (>= 3.0)
      activesupport (>= 3.0)
      railties (>= 3.0)
      rspec-core (~> 3.8.0)
      rspec-expectations (~> 3.8.0)
      rspec-mocks (~> 3.8.0)
      rspec-support (~> 3.8.0)
    rspec-support (3.8.0)
    ruby-progressbar (1.7.5)
    ruby_parser (3.12.0)
      sexp_processor (~> 4.9)
    rubycritic (3.5.2)
      flay (~> 2.8)
      flog (~> 4.4)
      launchy (= 2.4.3)
      parser (~> 2.5.0)
      rainbow (~> 3.0)
      reek (~> 4.4)
      ruby_parser (~> 3.8)
      tty-which (~> 0.3.0)
      virtus (~> 1.0)
    rubyzip (1.2.2)
    sass (3.7.2)
      sass-listen (~> 4.0.0)
    sass-listen (4.0.0)
      rb-fsevent (~> 0.9, >= 0.9.4)
      rb-inotify (~> 0.9, >= 0.9.7)
    sass-rails (5.0.1)
      railties (>= 4.0.0, < 5.0)
      sass (~> 3.1)
      sprockets (>= 2.8, < 4.0)
      sprockets-rails (>= 2.0, < 4.0)
      tilt (~> 1.1)
    scss_lint (0.57.1)
      rake (>= 0.9, < 13)
      sass (~> 3.5, >= 3.5.5)
    sdoc (0.4.1)
      json (~> 1.7, >= 1.7.7)
      rdoc (~> 4.0)
    seedbank (0.3.0)
    selenium-webdriver (3.141.0)
      childprocess (~> 0.5)
      rubyzip (~> 1.2, >= 1.2.2)
    sexp_processor (4.11.0)
    simplecov (0.14.1)
      docile (~> 1.1.0)
      json (>= 1.8, < 3)
      simplecov-html (~> 0.10.0)
    simplecov-html (0.10.0)
    spring (1.2.0)
    spring-commands-rspec (1.0.4)
      spring (>= 0.9.1)
    sprockets (2.12.5)
      hike (~> 1.2)
      multi_json (~> 1.0)
      rack (~> 1.0)
      tilt (~> 1.1, != 1.3.0)
    sprockets-rails (2.3.3)
      actionpack (>= 3.0)
      activesupport (>= 3.0)
      sprockets (>= 2.8, < 4.0)
    sshkit (1.11.2)
      net-scp (>= 1.1.2)
      net-ssh (>= 2.8.0)
    table_print (1.5.4)
    term-ansicolor (1.6.0)
      tins (~> 1.0)
    thor (0.19.4)
    thread_safe (0.3.6)
    tilt (1.4.1)
    timecop (0.8.1)
    tins (1.13.2)
    tinycon-rails (0.0.1)
      railties (>= 3.1)
    traceroute (0.4.0)
      rails (>= 3.0.0)
    tty-which (0.3.0)
    turbolinks (2.5.3)
      coffee-rails
    tzinfo (1.2.5)
      thread_safe (~> 0.1)
    uglifier (2.7.2)
      execjs (>= 0.3.0)
      json (>= 1.8.0)
    unicorn (4.8.3)
      kgio (~> 2.6)
      rack
      raindrops (~> 0.7)
    uniform_notifier (1.12.1)
    virtus (1.0.5)
      axiom-types (~> 0.1)
      coercible (~> 1.0)
      descendants_tracker (~> 0.0, >= 0.0.3)
      equalizer (~> 0.0, >= 0.0.9)
    web-console (2.2.1)
      activemodel (>= 4.0)
      binding_of_caller (>= 0.7.2)
      railties (>= 4.0)
      sprockets-rails (>= 2.0, < 4.0)
    whenever (0.9.4)
      chronic (>= 0.6.3)
    xpath (2.1.0)
      nokogiri (~> 1.3)
    zonebie (0.6.1)

PLATFORMS
  ruby

DEPENDENCIES
  airbrussh (~> 1.1.0)
  autoprefixer-rails (~> 9.4.0)
  bcrypt (~> 3.1.12)
  better_errors (~> 2.5.0)
  binding_of_caller (~> 0.8.0)
  brakeman (~> 4.3.0)
  bullet (~> 5.9.0)
  bundler-audit
  byebug
  capistrano (~> 3.5.0)
  capistrano-bundler (~> 1.1.3)
  capistrano-db-tasks (= 0.3)
  capistrano-postgresql (~> 4.2.0)
  capistrano-rails (~> 1.1.3)
  capistrano-rails-collection (~> 0.0.3)
  capistrano-rails-console (~> 1.0.0)
  capistrano-secrets-yml (~> 1.0.0)
  capistrano-unicorn-nginx!
  capybara (~> 2.13.0)
  capybara-screenshot (~> 1.0.0)
  capybara-webkit (~> 1.15.0)
  chromedriver-helper (~> 2.1.0)
  coffee-rails (~> 4.2.0)
  coveralls (~> 0.8.0)
  database_cleaner (~> 1.5.0)
  elasticsearch (~> 2.0.0)
  elasticsearch-extensions
  elasticsearch-model
  elasticsearch-rails
  equalizer
  font-awesome-rails
  jbuilder (~> 2.7.0)
  jquery-rails (~> 4.0.0)
  jquery-ui-rails (= 4.1.2)
  kaminari (~> 1.1.0)
  lograge
  meta_request
  nokogiri (>= 1.8.2)
  pg (~> 0.20.0)
  pry-rails (~> 0.3.0)
  pry-stack_explorer (~> 0.4.9.0)
  rack-dev-mark (~> 0.7.0)
  rack-mini-profiler (~> 0.10.0)
  rails (= 4.2.11)
  rails-env-favicon
  rails_best_practices (~> 1.15.0)
  rake (= 10.1.0)
  rb-readline
  rspec-rails (~> 3.8.0)
  rubycritic
  sass-rails (~> 5.0.1)
  scss_lint (~> 0.57.0)
  sdoc (~> 0.4.0)
  seedbank
  selenium-webdriver (~> 3.0)
  spring
  spring-commands-rspec
  sprockets (~> 2.12.3)
  table_print
  timecop (~> 0.8.0)
  traceroute
  turbolinks (~> 2.5.0)
  uglifier (~> 2.7.0)
  unicorn (~> 4.8.0)
  web-console (~> 2.0)
  whenever
  zonebie (~> 0.6.0)

RUBY VERSION
   ruby 2.5.3p105

BUNDLED WITH
   1.17.3
